GEM
  remote: https://rubygems.org/
  specs:
    highline (1.7.10)

PLATFORMS
  ruby

DEPENDENCIES
  highline

BUNDLED WITH
   1.16.1
